GEM
  remote: https://rubygems.org/
  specs:
    airbrussh (1.3.0)
      sshkit (>= 1.6.1, != 1.7.0)
    capistrano (3.9.1)
      airbrussh (>= 1.0.0)
      i18n
      rake (>= 10.0.0)
      sshkit (>= 1.9.0)
    capistrano-cachetool (1.0.3)
    capistrano-composer (0.0.6)
      capistrano (>= 3.0.0.pre)
    capistrano-deploytags (1.0.7)
      capistrano (>= 3.7.0)
    capistrano-forkcms (3.0.0)
      capistrano (~> 3.8)
      capistrano-cachetool (~> 1.0)
      capistrano-composer (~> 0.0.6)
    i18n (0.8.6)
    net-scp (1.2.1)
      net-ssh (>= 2.6.5)
    net-ssh (4.2.0)
    rake (12.1.0)
    sshkit (1.14.0)
      net-scp (>= 1.1.2)
      net-ssh (>= 2.8.0)

PLATFORMS
  ruby

DEPENDENCIES
  capistrano-deploytags
  capistrano-forkcms (~> 3.0)

BUNDLED WITH
   1.13.5
